GEM
  remote: https://rubygems.org/
  specs:
    debug (1.7.1)
      irb (>= 1.5.0)
      reline (>= 0.3.1)
    ffi (1.15.5)
    io-console (0.6.0)
    irb (1.6.2)
      reline (>= 0.3.0)
    listen (3.8.0)
      rb-fsevent (~> 0.10, >= 0.10.3)
      rb-inotify (~> 0.9, >= 0.9.10)
    minitest (5.17.0)
    nio4r (2.5.8)
    pastel (0.8.0)
      tty-color (~> 0.5)
    pg (1.4.5)
    puma (6.0.2)
      nio4r (~> 2.0)
    rack (3.0.4.1)
    rack-test (2.0.2)
      rack (>= 1.3)
    rake (13.0.6)
    rb-fsevent (0.11.2)
    rb-inotify (0.10.1)
      ffi (~> 1.0)
    reline (0.3.2)
      io-console (~> 0.5)
    rerun (0.14.0)
      listen (~> 3.0)
    roda (3.64.0)
      rack
    roda-enhanced_logger (0.5.0)
      roda (>= 3.19.0)
      tty-logger (>= 0.3, < 1.0)
    roda-symbolized_params (0.0.2)
    sequel (5.65.0)
    sqlite3 (1.6.0-x86_64-linux)
    tilt (2.0.11)
    tty-color (0.6.0)
    tty-logger (0.6.0)
      pastel (~> 0.8)

PLATFORMS
  x86_64-linux

DEPENDENCIES
  debug
  minitest
  pg
  puma
  rack-test
  rake
  rerun
  roda
  roda-enhanced_logger
  roda-symbolized_params
  sequel
  sqlite3
  tilt

RUBY VERSION
   ruby 3.2.0p0

BUNDLED WITH
   2.4.1
